PATH
  remote: .
  specs:
    woof_util (0.0.17)
      excon (~> 0.16.10)
      highline (~> 1.6.15)

GEM
  remote: https://rubygems.org/
  specs:
    excon (0.16.10)
    highline (1.6.15)
    rake (10.1.0)

PLATFORMS
  ruby

DEPENDENCIES
  excon
  highline
  rake
  woof_util!
