PATH
  remote: .
  specs:
    woof_util (0.0.15)
      excon (~> 0.16.10)
      highline (~> 1.6.15)

GEM
  remote: https://rubygems.org/
  specs:
    excon (0.16.10)
    highline (1.6.15)

PLATFORMS
  ruby

DEPENDENCIES
  woof_util!
